RESTRICTION: || (== net45) (== net452)
NUGET
  remote: https://www.nuget.org/api/v2
    AvalonEdit (5.0.4)
    Castle.Core (4.2.1)
    Dragablz (0.0.3.197)
    MahApps.Metro (1.5)
    Microsoft.NETCore.Platforms (2.0.1) - restriction: == net45
    Moq (4.7.145)
      Castle.Core (>= 4.2.1)
    NETStandard.Library (2.0.1) - restriction: == net45
      Microsoft.NETCore.Platforms (>= 1.1)
      System.Runtime.InteropServices.RuntimeInformation (>= 4.3)
    NSubstitute (2.0.3)
    RhinoMocks (3.6.1)
    Shouldly (2.8.3)
    ShowMeTheXAML (1.0.10)
    ShowMeTheXAML.AvalonEdit (1.0.10)
      AvalonEdit (>= 5.0.4 < 5.1)
      ShowMeTheXAML (>= 1.0.10 < 1.1)
    ShowMeTheXAML.MSBuild (1.0.10)
      ShowMeTheXAML (>= 1.0.10 < 1.1)
    System.Runtime.InteropServices.RuntimeInformation (4.3) - restriction: == net45
    xunit (2.3.1)
      xunit.analyzers (>= 0.7)
      xunit.assert (2.3.1)
      xunit.core (2.3.1)
    xunit.abstractions (2.0.1)
    xunit.analyzers (0.8)
    xunit.assert (2.3.1)
      NETStandard.Library (>= 1.6.1) - restriction: == net45
    xunit.core (2.3.1)
      xunit.extensibility.core (2.3.1)
      xunit.extensibility.execution (2.3.1)
    xunit.extensibility.core (2.3.1)
      NETStandard.Library (>= 1.6.1) - restriction: == net45
      xunit.abstractions (>= 2.0.1)
    xunit.extensibility.execution (2.3.1)
      NETStandard.Library (>= 1.6.1) - restriction: == net45
      xunit.extensibility.core (2.3.1)
GITHUB
  remote: ControlzEx/ControlzEx
    src/ControlzEx/BadgedEx.cs (e687c6ac4279c4e513b7ef9a75622411350db874)
    src/ControlzEx/PackIconBase.cs (e687c6ac4279c4e513b7ef9a75622411350db874)
    src/ControlzEx/PopupEx.cs (e687c6ac4279c4e513b7ef9a75622411350db874)
  remote: samueldjack/VirtualCollection
    VirtualCollection/VirtualCollection/VirtualizingWrapPanel.cs (e63d891c252c2ac1a3ebb26dddb9a3d89effe3f2)